GEM
  remote: https://rubygems.org/
  specs:
    ethon (0.11.0)
      ffi (>= 1.3.0)
    ffi (1.9.25)
    typhoeus (1.3.0)
      ethon (>= 0.9.0)

PLATFORMS
  ruby

DEPENDENCIES
  typhoeus (~> 1.3)

BUNDLED WITH
   1.16.2
