GEM
  remote: https://rubygems.org/
  specs:
    coderay (1.1.2)
    ethon (0.11.0)
      ffi (>= 1.3.0)
    ffi (1.9.23)
    method_source (0.9.2)
    pry (0.12.2)
      coderay (~> 1.1.0)
      method_source (~> 0.9.0)
    typhoeus (1.3.0)
      ethon (>= 0.9.0)

PLATFORMS
  ruby

DEPENDENCIES
  pry
  typhoeus (~> 1.3)

BUNDLED WITH
   1.16.6
